GEM
  remote: https://rubygems.org/
  specs:
    breakpoint (2.4.2)
      sass (~> 3.3.0)
      sassy-maps (< 1.0.0)
    chunky_png (1.3.0)
    color-schemer (0.2.8)
      compass-blend-modes (~> 0.0.2)
    compass (1.0.0.alpha.18)
      chunky_png (~> 1.2)
      compass-core (~> 1.0.0.alpha.17)
      compass-import-once (~> 1.0.2)
      json
      listen (~> 1.1.0)
      sass (~> 3.3.0.rc.3)
    compass-blend-modes (0.0.2)
      compass
    compass-core (1.0.0.alpha.17)
      multi_json (~> 1.0)
      sass (>= 3.3.rc.3)
    compass-import-once (1.0.2)
    ffi (1.9.3)
    json (1.8.1)
    listen (1.1.6)
      rb-fsevent (>= 0.9.3)
      rb-inotify (>= 0.9)
      rb-kqueue (>= 0.2)
    multi_json (1.9.0)
    rb-fsevent (0.9.4)
    rb-inotify (0.9.3)
      ffi (>= 0.5.0)
    rb-kqueue (0.2.2)
      ffi (>= 0.5.0)
    rvm (1.11.3.9)
    sass (3.3.2)
    sass-globbing (1.1.0)
      sass (>= 3.1)
    sassy-maps (0.3.2)
      compass (~> 1.0.0.alpha.13)
      sass (~> 3.3.0.rc.2)
    sassy-strings (1.0.0)
      compass (>= 0.12.2)
    singularitygs (1.2.0.rc.6)
      breakpoint (~> 2.4)
      compass (~> 1.0.0.alpha.13)
      sass (~> 3.3.0.rc.2)
    toolkit (1.3.8)
      breakpoint (>= 2.0.6)
      color-schemer (>= 0.2.7)
      compass (>= 0.12.2)
      sassy-strings (>= 1.0.0)
      singularitygs (>= 1.1.2)

PLATFORMS
  ruby

DEPENDENCIES
  breakpoint (~> 2.4.1)
  rvm (~> 1.11.3.9)
  sass (~> 3.3.0.rc)
  sass-globbing (~> 1.1.0)
  singularitygs (~> 1.2.0.rc.6)
  toolkit (~> 1.3.8)
